PATH
  remote: .
  specs:
    activerecord-jdbc-adapter (1.1.2)
      activerecord (= 3.1.0.rc4)

GEM
  remote: http://rubygems.org/
  specs:
    activemodel (3.1.0.rc4)
      activesupport (= 3.1.0.rc4)
      bcrypt-ruby (~> 2.1.4)
      builder (~> 3.0.0)
      i18n (~> 0.6)
    activerecord (3.1.0.rc4)
      activemodel (= 3.1.0.rc4)
      activesupport (= 3.1.0.rc4)
      arel (~> 2.1.1)
      tzinfo (~> 0.3.27)
    activesupport (3.1.0.rc4)
      multi_json (~> 1.0)
    arel (2.1.1)
    bcrypt-ruby (2.1.4-java)
    builder (3.0.0)
    i18n (0.6.0)
    multi_json (1.0.3)
    tzinfo (0.3.28)

PLATFORMS
  java

DEPENDENCIES
  activerecord-jdbc-adapter!
